GEM
  remote: http://rubygems.org/
  specs:
    builder (3.2.2)
    cucumber (1.3.8)
      builder (>= 2.1.2)
      diff-lcs (>= 1.1.3)
      gherkin (~> 2.12.1)
      multi_json (>= 1.7.5, < 2.0)
      multi_test (>= 0.0.2)
    diff-lcs (1.2.4)
    gherkin (2.12.1)
      multi_json (~> 1.3)
    multi_json (1.8.0)
    multi_test (0.0.2)
    osmlib-base (0.1.4)
    rake (10.1.0)
    rspec-expectations (2.14.3)
      diff-lcs (>= 1.1.3, < 2.0)
    sys-proctable (0.9.3)

PLATFORMS
  ruby

DEPENDENCIES
  cucumber
  osmlib-base
  rake
  rspec-expectations
  sys-proctable
